PATH
  remote: .
  specs:
    style_palette (0.0.1)

GEM
  remote: https://rubygems.org/
  specs:
    metaclass (0.0.1)
    minitest (5.10.3)
    mocha (0.13.3)
      metaclass (~> 0.0.1)
    rake (10.0.3)

PLATFORMS
  ruby

DEPENDENCIES
  bundler (~> 1.3)
  minitest
  mocha
  rake
  style_palette!
