PATH
  remote: .
  specs:
    style_palette (0.0.8)

GEM
  remote: https://rubygems.org/
  specs:
    metaclass (0.0.1)
    minitest (5.10.3)
    mocha (0.13.3)
      metaclass (~> 0.0.1)
    rake (13.0.3)

PLATFORMS
  ruby

DEPENDENCIES
  bundler (~> 1.16.1)
  minitest
  mocha
  rake
  style_palette!

BUNDLED WITH
   1.16.1
